GEM
  remote: https://rubygems.org/
  specs:
    activesupport (3.2.13)
      i18n (= 0.6.1)
      multi_json (~> 1.0)
    i18n (0.6.1)
    multi_json (1.7.3)
    rmagick (2.13.2)
    rvideo (0.9.3)

PLATFORMS
  ruby

DEPENDENCIES
  activesupport
  rmagick
  rvideo
